GEM
  remote: http://rubygems.org/
  specs:
    diff-lcs (1.2.1)
    flowdock (0.3.0)
      httparty (~> 0.7)
      multi_json
    git (1.2.5)
    httparty (0.10.2)
      multi_json (~> 1.0)
      multi_xml (>= 0.5.2)
    json (1.7.7-java)
    little-plugger (1.1.3)
    logging (1.8.0)
      little-plugger (>= 1.1.3)
      multi_json (>= 1.3.6)
    maestro_plugin (0.0.2)
      json (>= 1.4.6)
      logging (= 1.8.0)
      rubyzip (= 0.9.8)
    multi_json (1.7.2)
    multi_xml (0.5.3)
    nokogiri (1.5.6-java)
    rake (0.9.2.2)
    rcov (0.9.11-java)
    rspec (2.13.0)
      rspec-core (~> 2.13.0)
      rspec-expectations (~> 2.13.0)
      rspec-mocks (~> 2.13.0)
    rspec-core (2.13.0)
    rspec-expectations (2.13.0)
      diff-lcs (>= 1.1.3, < 2.0)
    rspec-mocks (2.13.0)
    rubyzip (0.9.8)
    zippy (0.2.1)
      rubyzip (>= 0.9.1)

PLATFORMS
  java

DEPENDENCIES
  flowdock (= 0.3.0)
  git
  maestro_plugin (>= 0.0.2)
  nokogiri
  rake (~> 0.9.2.2)
  rcov (= 0.9.11)
  rspec
  zippy
